GEM
  specs:

PLATFORMS
  x86_64-linux

DEPENDENCIES

BUNDLED WITH
   2.3.5
  source 'https://rubygems.org'
  gem 'twitter'
  gem 'rubocop', '~> 1.0', require: false
  gem 'pry'
  gem 'rspec'
  gem 'dotenv'
